GEM
  remote: https://rubygems.org/
  specs:
    activesupport (3.2.19)
      i18n (~> 0.6, >= 0.6.4)
      multi_json (~> 1.0)
    grackle (0.3.0)
      json
      mime-types
      oauth
    i18n (0.6.11)
    json (1.8.1)
    mime-types (2.3)
    multi_json (1.10.1)
    oauth (0.4.7)

PLATFORMS
  ruby

DEPENDENCIES
  activesupport (~> 3.2.x)
  grackle (>= 0.3.0)
